PATH
  remote: .
  specs:
    imanip (0.1.4)

GEM
  remote: http://rubygems.org/
  specs:

PLATFORMS
  ruby

DEPENDENCIES
  imanip!
